GEM
  remote: http://rubygems.org/
  specs:
    addressable (2.2.6)
    albino (1.3.3)
      posix-spawn (>= 0.3.6)
    chunky_png (1.2.5)
    classifier (1.3.3)
      fast-stemmer (>= 1.0.0)
    compass (0.11.7)
      chunky_png (~> 1.2)
      fssm (>= 0.2.7)
      sass (~> 3.1)
    directory_watcher (1.4.1)
    fast-stemmer (1.0.0)
    foreman (0.36.1)
      term-ansicolor (~> 1.0.7)
      thor (>= 0.13.6)
    fssm (0.2.8.1)
    gsl (1.14.7)
      narray (>= 0.5.9)
    heroku (2.18.1)
      launchy (>= 0.3.2)
      rest-client (~> 1.6.1)
      rubyzip
      term-ansicolor (~> 1.0.5)
    jekyll (0.11.2)
      albino (~> 1.3)
      classifier (~> 1.3)
      directory_watcher (~> 1.1)
      kramdown (~> 0.13)
      liquid (~> 2.3)
      maruku (~> 0.5)
    kramdown (0.13.4)
    launchy (2.0.5)
      addressable (~> 2.2.6)
    liquid (2.3.0)
    maruku (0.6.0)
      syntax (>= 1.0.0)
    mime-types (1.17.2)
    narray (0.6.0.1)
    posix-spawn (0.3.6)
    rest-client (1.6.7)
      mime-types (>= 1.16)
    rubyzip (0.9.5)
    sass (3.1.12)
    syntax (1.0.0)
    term-ansicolor (1.0.7)
    thor (0.14.6)

PLATFORMS
  ruby

DEPENDENCIES
  compass
  foreman
  gsl
  heroku
  jekyll
